GEM
  remote: https://rubygems.org/
  specs:
    exifr (1.2.0)

PLATFORMS
  ruby

DEPENDENCIES
  exifr
